GEM
  remote: https://rubygems.org/
  specs:
    gosu (0.14.4)
    vector2d-ruby (1.1.0)

PLATFORMS
  ruby

DEPENDENCIES
  gosu
  vector2d-ruby (~> 1.1)

RUBY VERSION
   ruby 2.6.5p114

BUNDLED WITH
   1.17.2
